GIT
  remote: git://github.com/mikesilvis/espn-scraper.git
  revision: 05f411a560f627302af7cd8eb5fbfdba08f6d203
  specs:
    espn_scraper (1.0.5)
      activesupport
      addressable
      httparty
      nokogiri

GEM
  remote: https://rubygems.org/
  specs:
    activesupport (4.2.1)
      i18n (~> 0.7)
      json (~> 1.7, >= 1.7.7)
      minitest (~> 5.1)
      thread_safe (~> 0.3, >= 0.3.4)
      tzinfo (~> 1.1)
    addressable (2.3.8)
    byebug (4.0.4)
      columnize (= 0.9.0)
    celluloid (0.16.0)
      timers (~> 4.0.0)
    clockwork (1.1.0)
      activesupport
      tzinfo
    columnize (0.9.0)
    connection_pool (2.1.3)
    dalli (2.7.4)
    faraday (0.9.1)
      multipart-post (>= 1.2, < 3)
    hitimes (1.2.2)
    httparty (0.13.3)
      json (~> 1.8)
      multi_xml (>= 0.5.2)
    httpclient (2.6.0.1)
    i18n (0.7.0)
    json (1.8.2)
    mini_portile (0.6.2)
    minitest (5.5.1)
    multi_json (1.11.0)
    multi_xml (0.5.5)
    multipart-post (2.0.0)
    nokogiri (1.6.6.2)
      mini_portile (~> 0.6.0)
    puma (2.11.1)
      rack (>= 1.1, < 2.0)
    pusher (0.14.4)
      httpclient (~> 2.5)
      multi_json (~> 1.0)
      signature (~> 0.1.8)
    rack (1.6.0)
    rack-protection (1.5.3)
      rack
    redis (3.2.1)
    redis-namespace (1.5.1)
      redis (~> 3.0, >= 3.0.4)
    sidekiq (3.3.3)
      celluloid (>= 0.16.0)
      connection_pool (>= 2.1.1)
      json
      redis (>= 3.0.6)
      redis-namespace (>= 1.3.1)
    signature (0.1.8)
    sinatra (1.4.6)
      rack (~> 1.4)
      rack-protection (~> 1.4)
      tilt (>= 1.3, < 3)
    thread_safe (0.3.5)
    tilt (2.0.1)
    timers (4.0.1)
      hitimes
    tzinfo (1.2.2)
      thread_safe (~> 0.1)

PLATFORMS
  ruby

DEPENDENCIES
  byebug
  clockwork
  dalli
  espn_scraper!
  faraday
  puma
  pusher
  rack
  sidekiq
  sinatra
